GEM
  specs:
    rack (1.4.5)
    rack-protection (1.5.0)
      rack
    sinatra (1.4.3)
      rack (~> 1.4)
      rack-protection (~> 1.4)
      tilt (~> 1.3, >= 1.3.4)
    thor (0.18.1)
    tilt (1.4.1)
    watchr (0.7)

PLATFORMS
  ruby

DEPENDENCIES
  sinatra
  thor
  watchr
